STORAGE: NONE
NUGET
  remote: https://api.nuget.org/v3/index.json
    fscheck (2.16.6)
      FSharp.Core (>= 4.0.0.1) - restriction: && (< net452) (>= netstandard1.0) (< netstandard1.6)
      FSharp.Core (>= 4.2.3) - restriction: || (>= net452) (>= netstandard1.6)
    FSharp.Core (9.0.100) - restriction: >= netstandard1.0
